NUGET
  remote: https://www.nuget.org/api/v2
    GitVersion (2.0.1)
    LibGit2Sharp (0.21.0.176)
    Microsoft.Web.Xdt (2.1.1)
    NuGet.CommandLine (2.12)
    NuGet.Core (2.12)
      Microsoft.Web.Xdt (>= 2.1)
    Pester (3.4.2)
  remote: https://teamcity.unic.com/httpAuth/app/nuget/v1/FeedService.svc
    Unic.Bob.Config (2.0.0)
    Unic.Bob.Keith (1.1.0)
    Unic.Bob.Skip (2.1.0)
