NUGET
  remote: https://nuget.org/api/v2
  specs:
    LibGit2Sharp (0.20.0.0)
    Microsoft.Web.Xdt (2.1.1)
    NuGet.CommandLine (2.8.3)
    Nuget.Core (2.8.3)
      Microsoft.Web.Xdt (>= 2.1.0)
    Pester (3.1.1)
  remote: https://teamcity.unic.com/httpAuth/app/nuget/v1/FeedService.svc
  specs:
    Unic.Bob.Config (0.2.0-unstable0008)
    Unic.Bob.Keith (0.2.0)
