NUGET
  remote: https://nuget.org/api/v2
  specs:
    GitVersion (2.0.1)
    LibGit2Sharp (0.21.0.176)
    Microsoft.Web.Xdt (2.1.1)
    NuGet.CommandLine (2.8.3)
    Nuget.Core (2.8.3)
      Microsoft.Web.Xdt (>= 2.1.0)
    Pester (3.3.6)
  remote: https://teamcity.unic.com/httpAuth/app/nuget/v1/FeedService.svc
  specs:
    Unic.Bob.Config (1.0.0)
    Unic.Bob.Keith (1.0.0)
